GEM
  specs:

GEM
  remote: https://rubygems.org/
  specs:
    coderay (1.1.3)
    method_source (1.0.0)
    pry (0.14.1)
      coderay (~> 1.1)
      method_source (~> 1.0)
    rake (13.0.3)
    workable (2.2.0)

PLATFORMS
  x86_64-darwin-20

DEPENDENCIES
  pry!
  rake (= 13.0.3)!
  workable!

RUBY VERSION
   ruby 2.7.3p183

BUNDLED WITH
   2.2.19
